PATH
  remote: .
  specs:
    calabash-android (0.4.10.pre2)
      awesome_print
      cucumber
      escape (~> 0.0.4)
      httpclient (~> 2.3.2)
      json
      popen4 (~> 0.1.2)
      retriable
      rubyzip (~> 0.9.9)
      slowhandcuke
      xamarin-test-cloud (>= 0.9.23)

GEM
  remote: http://rubygems.org/
  specs:
    Platform (0.4.0)
    awesome_print (1.1.0)
    builder (3.2.2)
    cucumber (1.3.6)
      builder (>= 2.1.2)
      diff-lcs (>= 1.1.3)
      gherkin (~> 2.12.0)
      multi_json (~> 1.7.5)
      multi_test (>= 0.0.2)
    diff-lcs (1.2.4)
    escape (0.0.4)
    gherkin (2.12.1)
      multi_json (~> 1.3)
    httpclient (2.3.4.1)
    json (1.8.0)
    mime-types (1.25)
    multi_json (1.7.9)
    multi_test (0.0.2)
    open4 (1.3.0)
    popen4 (0.1.2)
      Platform (>= 0.4.0)
      open4 (>= 0.4.0)
    rake (10.1.0)
    rest-client (1.6.7)
      mime-types (>= 1.16)
    retriable (1.3.3.1)
    rubyzip (0.9.9)
    slowhandcuke (0.0.3)
      cucumber
    thor (0.18.1)
    xamarin-test-cloud (0.9.23)
      bundler (>= 1.3.0, < 2.0)
      json
      rest-client (~> 1.6.7)
      retriable (~> 1.3.3.1)
      rubyzip (~> 0.9.9)
      thor (>= 0.18.1)

PLATFORMS
  ruby

DEPENDENCIES
  calabash-android!
  rake (= 10.1.0)
